GEM
  remote: https://rubygems.org/
  specs:
    ansi (1.5.0)
    backports (3.11.3)
    coderay (1.1.2)
    cowsay (0.3.0)
    method_source (0.9.0)
    multi_json (1.13.1)
    mustermann (1.0.2)
    pry (0.11.3)
      coderay (~> 1.1.0)
      method_source (~> 0.9.0)
    ps (0.0.8)
      ansi
    rack (2.0.5)
    rack-protection (2.0.1)
      rack
    ruby_http_client (3.3.0)
    sendgrid-ruby (5.2.0)
      ruby_http_client (~> 3.2)
      sinatra (>= 1.4.7, < 3)
    sinatra (2.0.1)
      mustermann (~> 1.0)
      rack (~> 2.0)
      rack-protection (= 2.0.1)
      tilt (~> 2.0)
    sinatra-contrib (2.0.1)
      backports (>= 2.0)
      multi_json
      mustermann (~> 1.0)
      rack-protection (= 2.0.1)
      sinatra (= 2.0.1)
      tilt (>= 1.3, < 3)
    tilt (2.0.8)

PLATFORMS
  ruby

DEPENDENCIES
  cowsay!
  pry!
  ps!
  sendgrid-ruby!
  sinatra!
  sinatra-contrib!

RUBY VERSION
   ruby 2.3.1p112

BUNDLED WITH
   1.16.1
